GEM
  remote: https://rubygems.org/
  specs:
    diff-lcs (1.1.3)
    net-ldap (0.3.1)
    rspec (2.11.0)
      rspec-core (~> 2.11.0)
      rspec-expectations (~> 2.11.0)
      rspec-mocks (~> 2.11.0)
    rspec-core (2.11.0)
    rspec-expectations (2.11.1)
      diff-lcs (~> 1.1.3)
    rspec-mocks (2.11.1)

PLATFORMS
  ruby

DEPENDENCIES
  net-ldap
  rspec
